PATH
  remote: .
  specs:
    soft_deletion (0.1.3)

PATH
  remote: ../test-unit
  specs:
    test-unit (1.1.1)

GEM
  remote: http://rubygems.org/
  specs:
    activesupport (2.3.14)
    test-unit-activesupport (1.0.0)
      activesupport
      test-unit

PLATFORMS
  ruby

DEPENDENCIES
  activesupport (= 2.3.14)
  soft_deletion!
  test-unit (= 1.1.1)!
  test-unit-activesupport
