GIT
  remote: https://github.com/grosser/test-unit-activesupport.git
  revision: e67637388c01daa7ea9c7b49dcfb13deba34ba8a
  specs:
    test-unit-activesupport (1.0.1)
      activesupport
      test-unit

PATH
  remote: .
  specs:
    soft_deletion (0.1.3)

GEM
  remote: http://rubygems.org/
  specs:
    activesupport (2.3.14)
    metaclass (0.0.1)
    mocha (0.12.0)
      metaclass (~> 0.0.1)
    rake (0.9.2.2)
    test-unit (2.5.1)

PLATFORMS
  ruby

DEPENDENCIES
  activesupport (= 2.3.14)
  mocha (= 0.12.0)
  rake
  soft_deletion!
  test-unit (= 2.5.1)
  test-unit-activesupport!
