PATH
  remote: .
  specs:
    soft_deletion (0.5.6)
      activerecord (>= 3.2.0, < 4.1.0)

GEM
  remote: https://rubygems.org/
  specs:
    activemodel (3.2.7)
      activesupport (= 3.2.7)
      builder (~> 3.0.0)
    activerecord (3.2.7)
      activemodel (= 3.2.7)
      activesupport (= 3.2.7)
      arel (~> 3.0.2)
      tzinfo (~> 0.3.29)
    activesupport (3.2.7)
      i18n (~> 0.6)
      multi_json (~> 1.0)
    arel (3.0.2)
    builder (3.0.0)
    bump (0.5.2)
    database_cleaner (1.0.1)
    diff-lcs (1.2.5)
    i18n (0.7.0)
    multi_json (1.3.6)
    rake (10.4.2)
    rspec (2.99.0)
      rspec-core (~> 2.99.0)
      rspec-expectations (~> 2.99.0)
      rspec-mocks (~> 2.99.0)
    rspec-core (2.99.2)
    rspec-expectations (2.99.2)
      diff-lcs (>= 1.1.3, < 2.0)
    rspec-mocks (2.99.4)
    sqlite3 (1.3.10)
    tzinfo (0.3.33)
    wwtd (1.0.0)

PLATFORMS
  ruby

DEPENDENCIES
  bump
  database_cleaner (~> 1.0.0)
  rake
  rspec (~> 2.0)
  soft_deletion!
  sqlite3
  wwtd
