PATH
  remote: .
  specs:
    soft_deletion (0.1.3)

GEM
  remote: http://rubygems.org/
  specs:
    activesupport (3.2.3)
      i18n (~> 0.6)
      multi_json (~> 1.0)
    i18n (0.6.0)
    multi_json (1.3.4)
    test-unit (2.4.8)

PLATFORMS
  ruby

DEPENDENCIES
  activesupport
  soft_deletion!
  test-unit
