PATH
  remote: .
  specs:
    soft_deletion (0.1.0)

GEM
  remote: http://rubygems.org/
  specs:
    activerecord (2.3.14)
      activesupport (= 2.3.14)
    activesupport (2.3.14)
    mocha (0.9.12)
    mynyml-redgreen (0.7.1)
      term-ansicolor (>= 1.0.4)
    rake (0.9.2)
    shoulda (2.10.3)
    sqlite3 (1.3.6)
    term-ansicolor (1.0.7)

PLATFORMS
  ruby

DEPENDENCIES
  activerecord (= 2.3.14)
  activesupport (= 2.3.14)
  mocha
  mynyml-redgreen
  rake
  shoulda
  soft_deletion!
  sqlite3
